GEM
  remote: https://rubygems.org/
  specs:
    parslet (1.8.2)
    toml (0.0.4)
      parslet

PLATFORMS
  x64-mingw32

DEPENDENCIES
  toml (~> 0.0.3)

BUNDLED WITH
   2.0.2
